GEM
  remote: https://rubygems.org/
  specs:
    activesupport (5.1.7)
      concurrent-ruby (~> 1.0, >= 1.0.2)
      i18n (>= 0.7, < 2)
      minitest (~> 5.1)
      tzinfo (~> 1.1)
    concurrent-ruby (1.1.7)
    diff-lcs (1.4.4)
    dry-initializer (3.0.3)
    faraday (0.9.2)
      multipart-post (>= 1.2, < 3)
    i18n (1.8.5)
      concurrent-ruby (~> 1.0)
    minitest (5.14.2)
    multipart-post (2.1.1)
    rspec (3.9.0)
      rspec-core (~> 3.9.0)
      rspec-expectations (~> 3.9.0)
      rspec-mocks (~> 3.9.0)
    rspec-core (3.9.3)
      rspec-support (~> 3.9.3)
    rspec-expectations (3.9.2)
      diff-lcs (>= 1.2.0, < 2.0)
      rspec-support (~> 3.9.0)
    rspec-mocks (3.9.1)
      diff-lcs (>= 1.2.0, < 2.0)
      rspec-support (~> 3.9.0)
    rspec-support (3.9.3)
    thread_safe (0.3.6)
    tzinfo (1.2.7)
      thread_safe (~> 0.1)

PLATFORMS
  ruby

DEPENDENCIES
  activesupport
  dry-initializer
  faraday (= 0.9.2)
  rspec

RUBY VERSION
   ruby 2.6.5p114

BUNDLED WITH
   2.1.4
